GIT
  remote: https://github.com/mitchellh/vagrant.git
  revision: c1dda44f72ea756836f5783925d23669da03b291
  branch: master
  specs:
    vagrant (1.4.1.dev)
      childprocess (~> 0.3.7)
      erubis (~> 2.7.0)
      i18n (~> 0.6.0)
      log4r (~> 1.1.9)
      net-scp (~> 1.1.0)
      net-ssh (>= 2.6.6, < 2.8.0)

GEM
  remote: https://rubygems.org/
  specs:
    childprocess (0.3.9)
      ffi (~> 1.0, >= 1.0.11)
    erubis (2.7.0)
    ffi (1.9.3)
    i18n (0.6.9)
    log4r (1.1.10)
    net-scp (1.1.2)
      net-ssh (>= 2.6.5)
    net-ssh (2.7.0)
    rake (10.1.0)

PLATFORMS
  ruby

DEPENDENCIES
  rake
  vagrant!
